GIT
  remote: https://github.com/thoughtbot/appraisal.git
  revision: 586864393e405a67b1457b563a4d5adc99e50e2d
  ref: 5868643
  specs:
    appraisal (2.2.0)
      bundler
      rake
      thor (>= 0.14.0)

PATH
  remote: .
  specs:
    vcr_better_binary (0.2.0)
      vcr (>= 5.0)

GEM
  remote: https://rubygems.org/
  specs:
    addressable (2.7.0)
      public_suffix (>= 2.0.2, < 5.0)
    coderay (1.1.2)
    crack (0.4.5)
      rexml
    diff-lcs (1.3)
    docile (1.3.1)
    hashdiff (1.0.1)
    jet_black (0.6.0)
    json (2.3.0)
    method_source (1.0.0)
    multi_json (1.14.1)
    pry (0.13.1)
      coderay (~> 1.1)
      method_source (~> 1.0)
    public_suffix (4.0.6)
    rake (13.0.1)
    rexml (3.2.4)
    rspec (3.9.0)
      rspec-core (~> 3.9.0)
      rspec-expectations (~> 3.9.0)
      rspec-mocks (~> 3.9.0)
    rspec-core (3.9.2)
      rspec-support (~> 3.9.3)
    rspec-expectations (3.9.2)
      diff-lcs (>= 1.2.0, < 2.0)
      rspec-support (~> 3.9.0)
    rspec-mocks (3.9.1)
      diff-lcs (>= 1.2.0, < 2.0)
      rspec-support (~> 3.9.0)
    rspec-support (3.9.3)
    rspec_junit_formatter (0.4.1)
      rspec-core (>= 2, < 4, != 2.12.0)
    simplecov (0.16.1)
      docile (~> 1.1)
      json (>= 1.8, < 3)
      simplecov-html (~> 0.10.0)
    simplecov-html (0.10.2)
    thor (1.0.1)
    vcr (6.0.0)
    webmock (3.11.2)
      addressable (>= 2.3.6)
      crack (>= 0.3.2)
      hashdiff (>= 0.4.0, < 2.0.0)
    webrick (1.7.0)

PLATFORMS
  ruby

DEPENDENCIES
  appraisal!
  jet_black
  multi_json
  pry
  rake
  rspec
  rspec_junit_formatter
  simplecov
  vcr_better_binary!
  webmock
  webrick

BUNDLED WITH
   2.1.4
